GEM
  remote: https://rubygems.org/
  specs:
    RedCloth (4.2.9)
    classifier (1.3.3)
      fast-stemmer (>= 1.0.0)
    colorator (0.1)
    colored (1.2)
    commander (4.1.5)
      highline (~> 1.6.11)
    directory_watcher (1.4.1)
    ethon (0.7.1)
      ffi (>= 1.3.0)
    fast-stemmer (1.0.2)
    ffi (1.9.5)
    highline (1.6.20)
    html-proofer (1.4.0)
      colored (~> 1.2)
      mercenary (~> 0.3.2)
      nokogiri (~> 1.5)
      parallel (~> 1.3)
      typhoeus (~> 0.6.7)
      yell (~> 2.0)
    jekyll (1.2.1)
      classifier (~> 1.3)
      colorator (~> 0.1)
      commander (~> 4.1.3)
      directory_watcher (~> 1.4.1)
      liquid (~> 2.5.2)
      maruku (~> 0.5)
      pygments.rb (~> 0.5.0)
      redcarpet (~> 2.3.0)
      safe_yaml (~> 0.7.0)
    liquid (2.5.3)
    maruku (0.7.0)
    mercenary (0.3.4)
    mini_portile (0.6.0)
    nokogiri (1.6.3.1)
      mini_portile (= 0.6.0)
    parallel (1.3.2)
    posix-spawn (0.3.6)
    pygmentize (0.0.3)
    pygments.rb (0.5.4)
      posix-spawn (~> 0.3.6)
      yajl-ruby (~> 1.1.0)
    rdiscount (1.6.8)
    redcarpet (2.3.0)
    safe_yaml (0.7.1)
    typhoeus (0.6.9)
      ethon (>= 0.7.1)
    yajl-ruby (1.1.0)
    yell (2.0.4)

PLATFORMS
  ruby

DEPENDENCIES
  RedCloth
  html-proofer
  jekyll
  pygmentize
  rdiscount
